GEM
  remote: https://rubygems.org/
  specs:
    faraday (0.15.1)
      multipart-post (>= 1.2, < 3)
    faraday_middleware (0.12.2)
      faraday (>= 0.7.4, < 1.0)
    hashie (3.5.7)
    multipart-post (2.0.0)
    mustermann (1.0.2)
    plaid (5.0.0)
      faraday
      faraday_middleware
      hashie (>= 3.4.3)
    rack (2.0.5)
    rack-protection (2.0.1)
      rack
    sinatra (2.0.1)
      mustermann (~> 1.0)
      rack (~> 2.0)
      rack-protection (= 2.0.1)
      tilt (~> 2.0)
    tilt (2.0.8)

PLATFORMS
  ruby

DEPENDENCIES
  plaid
  sinatra

BUNDLED WITH
   1.16.1
